GEM
  remote: https://rubygems.org/
  specs:
    builder (3.1.4)
    diff-lcs (1.2.5)
    ebnf (0.3.3)
      rdf
      sxp
    json (1.8.1)
    mini_portile (0.5.1)
    net-http-persistent (2.9)
    nokogiri (1.6.0)
      mini_portile (~> 0.5.0)
    rake (10.1.0)
    rdf (1.1.0.1)
    rdf-aggregate-repo (1.1.0)
      rdf (>= 1.1)
    rdf-xsd (1.0.2.1)
      nokogiri (>= 1.5.0)
      rdf (>= 0.3.4)
    rspec (2.14.1)
      rspec-core (~> 2.14.0)
      rspec-expectations (~> 2.14.0)
      rspec-mocks (~> 2.14.0)
    rspec-core (2.14.7)
    rspec-expectations (2.14.4)
      diff-lcs (>= 1.1.3, < 2.0)
    rspec-mocks (2.14.4)
    sparql (1.1.2.1)
      builder (>= 3.0)
      ebnf (>= 0.3.2)
      json (>= 1.7)
      rdf (>= 1.1.0)
      rdf-aggregate-repo (>= 1.1.0)
      rdf-xsd (>= 1.0.2)
      sparql-client (>= 1.1)
      sxp (>= 0.1.3)
    sparql-client (1.1.1)
      json (>= 1.8)
      net-http-persistent (>= 1.4)
      rdf (>= 1.1)
    sxp (0.1.4)
      json (>= 1.1.1)

PLATFORMS
  ruby

DEPENDENCIES
  net-http-persistent
  rake
  rspec
  sparql
